GEM
  remote: https://rubygems.org/
  specs:
<<<<<<< HEAD
    json (1.8.1)
=======
>>>>>>> FETCH_HEAD
    rack (1.5.2)
    rack-protection (1.5.3)
      rack
    sinatra (1.4.5)
      rack (~> 1.4)
      rack-protection (~> 1.4)
      tilt (~> 1.3, >= 1.3.4)
<<<<<<< HEAD
    sqlite3 (1.3.9)
=======
>>>>>>> FETCH_HEAD
    tilt (1.4.1)

PLATFORMS
  ruby

DEPENDENCIES
<<<<<<< HEAD
  json
  sinatra
  sqlite3
=======
  sinatra
>>>>>>> FETCH_HEAD
